GEM
  remote: http://rubygems.org/
  specs:
    actionmailer (2.3.11)
      actionpack (= 2.3.11)
    actionpack (2.3.11)
      activesupport (= 2.3.11)
      rack (~> 1.1.0)
    activerecord (2.3.11)
      activesupport (= 2.3.11)
    activeresource (2.3.11)
      activesupport (= 2.3.11)
    activesupport (2.3.11)
    aws (2.4.4)
      activesupport
      http_connection
      uuidtools
      xml-simple
    http_connection (1.4.0)
    rack (1.1.1)
    rails (2.3.11)
      actionmailer (= 2.3.11)
      actionpack (= 2.3.11)
      activerecord (= 2.3.11)
      activeresource (= 2.3.11)
      activesupport (= 2.3.11)
      rake (>= 0.8.3)
    rake (0.8.7)
    simple_record (2.1.3)
      aws
    uuidtools (2.1.2)
    xml-simple (1.0.14)

PLATFORMS
  ruby

DEPENDENCIES
  rails (~> 2.3.5)
  simple_record (= 2.1.3)
